GEM
  remote: https://rubygems.org/
  specs:
    basiccache (1.0.0)
    curb (0.8.8)
    githubstats (1.0.1)
      basiccache (~> 1.0.0)
      curb (~> 0.8.6)
      nokogiri (~> 1.6.5)
    matrix (0.0.1)
    mini_portile (0.6.0)
    nokogiri (1.6.6.2)
      mini_portile (~> 0.6.0)
    speck (1)
    svgplot (0.2.0)

PLATFORMS
  ruby

DEPENDENCIES
  githubstats
  matrix
  speck
  svgplot
